GEM
  remote: https://rubygems.org/
  specs:
    gnuplot (2.6.2)
    serialport (1.3.1)

PLATFORMS
  x64-mingw32

DEPENDENCIES
  gnuplot
  serialport
